GIT
  remote: https://github.com/masarakki/review.git
  revision: 67e521cd75a3b60afb63edba01d9952b92adc0b2
  branch: c86
  specs:
    review (1.3.0)

GIT
  remote: https://github.com/takahashim/md2review.git
  revision: 04126a9de775ee522d3b40f26708fa3ec70219a0
  specs:
    md2review (1.12.1)
      redcarpet (> 2.0.0)

GEM
  remote: https://rubygems.org/
  specs:
    coderay (1.1.3)
    method_source (0.9.2)
    pry (0.12.2)
      coderay (~> 1.1.0)
      method_source (~> 0.9.0)
    rake (13.1.0)
    redcarpet (3.6.0)

PLATFORMS
  ruby

DEPENDENCIES
  md2review!
  pry
  rake
  review!

BUNDLED WITH
   2.4.22
